GEM
  remote: https://rubygems.org/
  specs:
    hiredis (0.5.2)
    redis (3.1.0)

PLATFORMS
  ruby

DEPENDENCIES
  hiredis
  redis
